GEM
  remote: https://rubygems.org/
  specs:
    ffi (1.9.10-java)
    ruby-processing (2.6.18)
    rubyserial (0.2.4)
      ffi (~> 1.9.3)

PLATFORMS
  java
  ruby

DEPENDENCIES
  ruby-processing
  rubyserial

BUNDLED WITH
   1.12.2
